GEM
  remote: https://rubygems.org/
  specs:
    aws-eventstream (1.1.1)
    aws-partitions (1.441.0)
    aws-sdk-core (3.113.1)
      aws-eventstream (~> 1, >= 1.0.2)
      aws-partitions (~> 1, >= 1.239.0)
      aws-sigv4 (~> 1.1)
      jmespath (~> 1.0)
    aws-sdk-kms (1.43.0)
      aws-sdk-core (~> 3, >= 3.112.0)
      aws-sigv4 (~> 1.1)
    aws-sdk-s3 (1.93.0)
      aws-sdk-core (~> 3, >= 3.112.0)
      aws-sdk-kms (~> 1)
      aws-sigv4 (~> 1.1)
    aws-sigv4 (1.2.3)
      aws-eventstream (~> 1, >= 1.0.2)
    jmespath (1.4.0)

PLATFORMS
  ruby

DEPENDENCIES
  aws-sdk-s3

BUNDLED WITH
   2.2.15
